PATH
  remote: .
  specs:
    csv_splitter (0.1.1)
      zaru

GEM
  remote: https://rubygems.org/
  specs:
    minitest (5.11.3)
    rake (10.4.2)
    zaru (0.3.0)

PLATFORMS
  ruby

DEPENDENCIES
  bundler (~> 1.16.a)
  csv_splitter!
  minitest (~> 5.0)
  rake (~> 10.0)

BUNDLED WITH
   1.16.0.pre.3
